PATH
  remote: .
  specs:
    riven (1.1.2)
      coderay (~> 1.1)
      redcarpet (~> 3.2)

GEM
  remote: https://rubygems.org/
  specs:
    coderay (1.1.0)
    rake (10.4.2)
    redcarpet (3.3.1)

PLATFORMS
  ruby

DEPENDENCIES
  bundler (~> 1.8)
  rake (~> 10.4)
  riven!

BUNDLED WITH
   1.10.3
