PATH
  remote: .
  specs:
    riven (0.0.1)
      coderay (~> 1.1.0)
      github-markup (~> 1.2.0)
      redcarpet (~> 3.2.2)

GEM
  remote: https://rubygems.org/
  specs:
    coderay (1.1.0)
    github-markup (1.2.1)
      posix-spawn (~> 0.3.8)
    posix-spawn (0.3.9)
    rake (10.4.2)
    redcarpet (3.2.2)

PLATFORMS
  ruby

DEPENDENCIES
  bundler (~> 1.8)
  rake (~> 10.4)
  riven!
