PATH
  remote: .
  specs:
    riven (0.1.0)
      coderay (~> 1.1)
      redcarpet (~> 3.2)

GEM
  remote: https://rubygems.org/
  specs:
    coderay (1.1.0)
    rake (10.4.2)
    redcarpet (3.2.2)

PLATFORMS
  ruby

DEPENDENCIES
  bundler (~> 1.8)
  rake (~> 10.4)
  riven!
